GIT
  remote: git://github.com/AnnArborTees/endpoint_stub.git
  revision: bbf299799368c6f690aada1e2e9e2ea8574d04ee
  branch: develop
  specs:
    endpoint_stub (1.4.5)

GIT
  remote: git://github.com/AnnArborTees/public_activity.git
  revision: aae6d11702991411c49446db4784fcb91376e0a1
  specs:
    public_activity (2.0)
      actionpack (>= 3.0.0)
      activerecord (>= 3.0)
      i18n (>= 0.5.0)
      railties (>= 3.0.0)

GIT
  remote: git://github.com/thoughtbot/paperclip.git
  revision: 14356d7eccb9175819508d243fb4a92681d11208
  specs:
    paperclip (4.2.1)
      activemodel (>= 3.0.0)
      activesupport (>= 3.0.0)
      cocaine (~> 0.5.5)
      mime-types
      mimemagic (= 0.3.0)

GIT
  remote: git@github.com:AnnArborTees/acts_as_warnable.git
  revision: 2b3eee8447fae174398d6933513c766555338bb6
  specs:
    acts_as_warnable (0.0.1)
      devise
      rails (~> 4.2.1)

GIT
  remote: git@github.com:AnnArborTees/dumpsync.git
  revision: 8244088c7f9c5647b941ae2268c1045ba5e03ac9
  specs:
    dumpsync (0.0.1)

GIT
  remote: git@github.com:argerim/select2-rails
  revision: 2cf2c1645b02e061f136ecd136d9ee0c2c9d25ae
  specs:
    select2-rails (3.5.9.3)
      thor (~> 0.14)

GEM
  remote: https://rubygems.org/
  specs:
    actionmailer (4.2.1)
      actionpack (= 4.2.1)
      actionview (= 4.2.1)
      activejob (= 4.2.1)
      mail (~> 2.5, >= 2.5.4)
      rails-dom-testing (~> 1.0, >= 1.0.5)
    actionpack (4.2.1)
      actionview (= 4.2.1)
      activesupport (= 4.2.1)
      rack (~> 1.6)
      rack-test (~> 0.6.2)
      rails-dom-testing (~> 1.0, >= 1.0.5)
      rails-html-sanitizer (~> 1.0, >= 1.0.1)
    actionview (4.2.1)
      activesupport (= 4.2.1)
      builder (~> 3.1)
      erubis (~> 2.7.0)
      rails-dom-testing (~> 1.0, >= 1.0.5)
      rails-html-sanitizer (~> 1.0, >= 1.0.1)
    activejob (4.2.1)
      activesupport (= 4.2.1)
      globalid (>= 0.3.0)
    activemodel (4.2.1)
      activesupport (= 4.2.1)
      builder (~> 3.1)
    activerecord (4.2.1)
      activemodel (= 4.2.1)
      activesupport (= 4.2.1)
      arel (~> 6.0)
    activeresource (4.0.0)
      activemodel (~> 4.0)
      activesupport (~> 4.0)
      rails-observers (~> 0.1.1)
    activesupport (4.2.1)
      i18n (~> 0.7)
      json (~> 1.7, >= 1.7.7)
      minitest (~> 5.1)
      thread_safe (~> 0.3, >= 0.3.4)
      tzinfo (~> 1.1)
    addressable (2.3.8)
    arel (6.0.0)
    autoprefixer-rails (5.2.0)
      execjs
      json
    bcrypt (3.1.10)
    better_errors (2.1.1)
      coderay (>= 1.0.0)
      erubis (>= 2.6.6)
      rack (>= 0.9.0)
    binding_of_caller (0.7.2)
      debug_inspector (>= 0.0.1)
    bootstrap-colorpicker-rails (0.4.0)
      railties (>= 4.0)
    bootstrap-sass (3.2.0.2)
      sass (~> 3.2)
    bootstrap3-datetimepicker-rails (4.7.14)
      momentjs-rails (>= 2.8.1)
    bootstrap_form (2.3.0)
    builder (3.2.2)
    byebug (5.0.0)
      columnize (= 0.9.0)
    cancan (1.6.10)
    capistrano (3.2.1)
      i18n
      rake (>= 10.0.0)
      sshkit (~> 1.3)
    capistrano-bundler (1.1.4)
      capistrano (~> 3.1)
      sshkit (~> 1.2)
    capistrano-rails (1.1.3)
      capistrano (~> 3.1)
      capistrano-bundler (~> 1.1)
    capistrano-rvm (0.1.2)
      capistrano (~> 3.0)
      sshkit (~> 1.2)
    capybara (2.4.4)
      mime-types (>= 1.16)
      nokogiri (>= 1.3.3)
      rack (>= 1.0.0)
      rack-test (>= 0.5.4)
      xpath (~> 2.0)
    capybara-webkit (1.5.1)
      capybara (>= 2.3.0, < 2.5.0)
      json
    childprocess (0.5.6)
      ffi (~> 1.0, >= 1.0.11)
    chronic (0.10.2)
    climate_control (0.0.3)
      activesupport (>= 3.0)
    cliver (0.3.2)
    cocaine (0.5.7)
      climate_control (>= 0.0.3, < 1.0)
    coderay (1.1.0)
    coffee-rails (4.0.1)
      coffee-script (>= 2.2.0)
      railties (>= 4.0.0, < 5.0)
    coffee-script (2.4.1)
      coffee-script-source
      execjs
    coffee-script-source (1.9.1.1)
    colorize (0.7.7)
    columnize (0.9.0)
    crack (0.4.2)
      safe_yaml (~> 1.0.0)
    daemons (1.2.2)
    database_cleaner (1.4.1)
    debug_inspector (0.0.2)
    devise (3.5.1)
      bcrypt (~> 3.0)
      orm_adapter (~> 0.1)
      railties (>= 3.2.6, < 5)
      responders
      thread_safe (~> 0.1)
      warden (~> 1.2.3)
    diff-lcs (1.2.5)
    docile (1.1.5)
    email_spec (1.6.0)
      launchy (~> 2.1)
      mail (~> 2.2)
    erubis (2.7.0)
    eventmachine (1.0.5)
    execjs (2.5.2)
    factory_girl (4.5.0)
      activesupport (>= 3.0.0)
    factory_girl_rails (4.5.0)
      factory_girl (~> 4.5.0)
      railties (>= 3.0.0)
    ffi (1.9.8)
    figaro (1.1.1)
      thor (~> 0.14)
    friendly_id (5.0.5)
      activerecord (>= 4.0.0)
    fullcalendar-rails (2.2.5.1)
      jquery-rails (>= 3.1.1, < 5.0.0)
      momentjs-rails (~> 2.8, >= 2.8.4)
    globalid (0.3.5)
      activesupport (>= 4.1.0)
    has_scope (0.6.0)
      actionpack (>= 3.2, < 5)
      activesupport (>= 3.2, < 5)
    hirb (0.7.3)
    i18n (0.7.0)
    inherited_resources (1.6.0)
      actionpack (>= 3.2, < 5)
      has_scope (~> 0.6.0.rc)
      railties (>= 3.2, < 5)
      responders
    jbuilder (1.5.3)
      activesupport (>= 3.0.0)
      multi_json (>= 1.2.0)
    jquery-rails (4.0.3)
      rails-dom-testing (~> 1.0)
      railties (>= 4.2.0)
      thor (>= 0.14, < 2.0)
    jquery-ui-rails (5.0.5)
      railties (>= 3.2.16)
    js-routes (1.0.1)
      railties (>= 3.2)
      sprockets-rails
    json (1.8.3)
    kaminari (0.16.3)
      actionpack (>= 3.0.0)
      activesupport (>= 3.0.0)
    launchy (2.4.3)
      addressable (~> 2.3)
    loofah (2.0.2)
      nokogiri (>= 1.5.9)
    mail (2.6.3)
      mime-types (>= 1.16, < 3)
    mailcatcher (0.6.1)
      activesupport (>= 4.0.0, < 5)
      eventmachine (~> 1.0.0, <= 1.0.5)
      mail (~> 2.3)
      sinatra (~> 1.2)
      skinny (~> 0.2.3)
      sqlite3 (~> 1.3)
      thin (~> 1.5.0)
    mime-types (2.6.1)
    mimemagic (0.3.0)
    mini_portile (0.6.2)
    minitest (5.7.0)
    momentjs-rails (2.9.0)
      railties (>= 3.1)
    multi_json (1.11.0)
    mysql2 (0.3.18)
    net-scp (1.2.1)
      net-ssh (>= 2.6.5)
    net-ssh (2.9.2)
    nokogiri (1.6.6.2)
      mini_portile (~> 0.6.0)
    orm_adapter (0.5.0)
    paranoia (2.1.2)
      activerecord (~> 4.0)
    poltergeist (1.5.0)
      capybara (~> 2.1)
      cliver (~> 0.3.1)
      multi_json (~> 1.0)
      websocket-driver (>= 0.2.0)
    pr_geohash (1.0.0)
    rack (1.6.1)
    rack-protection (1.5.3)
      rack
    rack-test (0.6.3)
      rack (>= 1.0)
    rails (4.2.1)
      actionmailer (= 4.2.1)
      actionpack (= 4.2.1)
      actionview (= 4.2.1)
      activejob (= 4.2.1)
      activemodel (= 4.2.1)
      activerecord (= 4.2.1)
      activesupport (= 4.2.1)
      bundler (>= 1.3.0, < 2.0)
      railties (= 4.2.1)
      sprockets-rails
    rails-deprecated_sanitizer (1.0.3)
      activesupport (>= 4.2.0.alpha)
    rails-dom-testing (1.0.6)
      activesupport (>= 4.2.0.beta, < 5.0)
      nokogiri (~> 1.6.0)
      rails-deprecated_sanitizer (>= 1.0.1)
    rails-html-sanitizer (1.0.2)
      loofah (~> 2.0)
    rails-observers (0.1.2)
      activemodel (~> 4.0)
    railties (4.2.1)
      actionpack (= 4.2.1)
      activesupport (= 4.2.1)
      rake (>= 0.8.7)
      thor (>= 0.18.1, < 2.0)
    rake (10.4.2)
    responders (2.1.0)
      railties (>= 4.2.0, < 5)
    rsolr (1.0.12)
      builder (>= 2.1.2)
    rspec-activemodel-mocks (1.0.1)
      activemodel (>= 3.0)
      activesupport (>= 3.0)
      rspec-mocks (>= 2.99, < 4.0)
    rspec-collection_matchers (1.1.2)
      rspec-expectations (>= 2.99.0.beta1)
    rspec-core (3.2.3)
      rspec-support (~> 3.2.0)
    rspec-expectations (3.2.1)
      diff-lcs (>= 1.2.0, < 2.0)
      rspec-support (~> 3.2.0)
    rspec-its (1.2.0)
      rspec-core (>= 3.0.0)
      rspec-expectations (>= 3.0.0)
    rspec-mocks (3.2.1)
      diff-lcs (>= 1.2.0, < 2.0)
      rspec-support (~> 3.2.0)
    rspec-rails (3.2.1)
      actionpack (>= 3.0, < 4.3)
      activesupport (>= 3.0, < 4.3)
      railties (>= 3.0, < 4.3)
      rspec-core (~> 3.2.0)
      rspec-expectations (~> 3.2.0)
      rspec-mocks (~> 3.2.0)
      rspec-support (~> 3.2.0)
    rspec-retry (0.4.0)
      rspec-core
    rspec-support (3.2.2)
    rubinius-debugger (2.2.1)
    ruby-graphviz (1.2.2)
    rubyzip (1.1.7)
    safe_yaml (1.0.4)
    sass (3.4.14)
    sass-rails (5.0.3)
      railties (>= 4.0.0, < 5.0)
      sass (~> 3.1)
      sprockets (>= 2.8, < 4.0)
      sprockets-rails (>= 2.0, < 4.0)
      tilt (~> 1.1)
    selenium-webdriver (2.45.0)
      childprocess (~> 0.5)
      multi_json (~> 1.0)
      rubyzip (~> 1.0)
      websocket (~> 1.0)
    shoulda-matchers (2.8.0)
      activesupport (>= 3.0.0)
    simplecov (0.10.0)
      docile (~> 1.1.0)
      json (~> 1.8)
      simplecov-html (~> 0.10.0)
    simplecov-html (0.10.0)
    sinatra (1.4.6)
      rack (~> 1.4)
      rack-protection (~> 1.4)
      tilt (>= 1.3, < 3)
    skinny (0.2.3)
      eventmachine (~> 1.0.0)
      thin (~> 1.5.0)
    softwear-lib (0.0.7)
      activesupport
    sprockets (3.1.0)
      rack (~> 1.0)
    sprockets-rails (2.3.1)
      actionpack (>= 3.0)
      activesupport (>= 3.0)
      sprockets (>= 2.8, < 4.0)
    sqlite3 (1.3.10)
    sshkit (1.7.1)
      colorize (>= 0.7.0)
      net-scp (>= 1.1.2)
      net-ssh (>= 2.8.0)
    state_machine (1.2.0)
    sunspot (2.2.0)
      pr_geohash (~> 1.0)
      rsolr (~> 1.0.7)
    sunspot_matchers (2.2.0.1)
    sunspot_rails (2.2.0)
      nokogiri
      rails (>= 3)
      sunspot (= 2.2.0)
    sunspot_solr (2.2.0)
    thin (1.5.1)
      daemons (>= 1.0.9)
      eventmachine (>= 0.12.6)
      rack (>= 1.0.0)
    thor (0.19.1)
    thread_safe (0.3.5)
    tilt (1.4.1)
    timecop (0.7.4)
    tzinfo (1.2.2)
      thread_safe (~> 0.1)
    uglifier (2.7.1)
      execjs (>= 0.3.0)
      json (>= 1.8.0)
    warden (1.2.3)
      rack (>= 1.0)
    webmock (1.21.0)
      addressable (>= 2.3.6)
      crack (>= 0.3.2)
    websocket (1.2.2)
    websocket-driver (0.5.4)
      websocket-extensions (>= 0.1.0)
    websocket-extensions (0.1.2)
    whenever (0.9.4)
      chronic (>= 0.6.3)
    with_model (1.2.1)
      activerecord (>= 3.0)
    x-editable-rails (1.5.3)
      railties
    xpath (2.0.0)
      nokogiri (~> 1.3)

PLATFORMS
  ruby

DEPENDENCIES
  activeresource
  acts_as_warnable!
  autoprefixer-rails
  better_errors (>= 0.3.2)
  binding_of_caller
  bootstrap-colorpicker-rails
  bootstrap-sass (~> 3.2.0)
  bootstrap3-datetimepicker-rails (= 4.7.14)
  bootstrap_form
  byebug
  cancan
  capistrano (~> 3.2.0)
  capistrano-bundler
  capistrano-rails
  capistrano-rvm
  capybara (~> 2.4)
  capybara-webkit
  coffee-rails (~> 4.0.0)
  database_cleaner (~> 1.0)
  devise
  dumpsync!
  email_spec
  endpoint_stub!
  factory_girl_rails (>= 4.2.0)
  figaro
  friendly_id (~> 5.0.0)
  fullcalendar-rails (~> 2.2.5.0)
  hirb
  inherited_resources
  jbuilder (~> 1.2)
  jquery-rails
  jquery-ui-rails
  js-routes
  kaminari
  launchy
  mailcatcher
  momentjs-rails (~> 2.9.0)
  mysql2
  paperclip!
  paranoia (~> 2.0)
  poltergeist (= 1.5.0)
  public_activity!
  rails (= 4.2.1)
  rspec-activemodel-mocks
  rspec-collection_matchers
  rspec-expectations
  rspec-its
  rspec-mocks
  rspec-rails (~> 3.2.0)
  rspec-retry
  rubinius-debugger
  ruby-graphviz
  safe_yaml (~> 1.0.4)
  sass-rails
  select2-rails!
  selenium-webdriver
  shoulda-matchers
  simplecov
  softwear-lib
  state_machine
  sunspot_matchers
  sunspot_rails
  sunspot_solr
  timecop
  uglifier (>= 1.3.0)
  webmock
  whenever
  with_model
  x-editable-rails
